GEM
  remote: https://rubygems.org/
  specs:
    addressable (2.5.2)
      public_suffix (>= 2.0.2, < 4.0)
    axiom-types (0.1.1)
      descendants_tracker (~> 0.0.4)
      ice_nine (~> 0.11.0)
      thread_safe (~> 0.3, >= 0.3.1)
    bigdecimal (1.3.4)
    coercible (1.0.0)
      descendants_tracker (~> 0.0.1)
    coinbase-exchange (0.2.0)
      bigdecimal
      em-http-request
      faye-websocket
    cookiejar (0.3.3)
    descendants_tracker (0.0.4)
      thread_safe (~> 0.3, >= 0.3.1)
    em-http-request (1.1.5)
      addressable (>= 2.3.4)
      cookiejar (!= 0.3.1)
      em-socksify (>= 0.3)
      eventmachine (>= 1.0.3)
      http_parser.rb (>= 0.6.0)
    em-socksify (0.3.2)
      eventmachine (>= 1.0.0.beta.4)
    equalizer (0.0.11)
    eventmachine (1.2.5)
    faraday (0.13.1)
      multipart-post (>= 1.2, < 3)
    faye-websocket (0.10.7)
      eventmachine (>= 0.12.0)
      websocket-driver (>= 0.5.1)
    http_parser.rb (0.6.0)
    ice_nine (0.11.2)
    inflecto (0.0.2)
    multipart-post (2.0.0)
    public_suffix (3.0.1)
    telegram-bot-ruby (0.8.6.1)
      faraday
      inflecto
      virtus
    thread_safe (0.3.6)
    virtus (1.0.5)
      axiom-types (~> 0.1)
      coercible (~> 1.0)
      descendants_tracker (~> 0.0, >= 0.0.3)
      equalizer (~> 0.0, >= 0.0.9)
    websocket-driver (0.7.0)
      websocket-extensions (>= 0.1.0)
    websocket-extensions (0.1.3)

PLATFORMS
  ruby

DEPENDENCIES
  coinbase-exchange
  faraday
  telegram-bot-ruby

RUBY VERSION
   ruby 2.4.1p111

BUNDLED WITH
   1.16.1
